GEM
  remote: https://rubygems.org/
  specs:
    dotenv (2.7.6)
    line-bot-api (1.20.0)

PLATFORMS
  ruby

DEPENDENCIES
  dotenv
  line-bot-api

BUNDLED WITH
   2.1.4
